GEM
  remote: https://rubygems.org/
  specs:
    mysql2 (0.5.3)
    power_assert (1.2.0)
    test-unit (3.3.5)
      power_assert
    timers (4.3.0)

PLATFORMS
  ruby

DEPENDENCIES
  mysql2
  test-unit
  timers

RUBY VERSION
   ruby 2.6.5p114

BUNDLED WITH
   2.1.2
